GEM
  remote: http://rubygems.org/
  specs:
    activemodel (3.2.12)
      activesupport (= 3.2.12)
      builder (~> 3.0.0)
    activerecord (3.2.12)
      activemodel (= 3.2.12)
      activesupport (= 3.2.12)
      arel (~> 3.0.2)
      tzinfo (~> 0.3.29)
    activesupport (3.2.12)
      i18n (~> 0.6)
      multi_json (~> 1.0)
    addressable (2.3.6)
    arel (3.0.2)
    builder (3.0.4)
    diff-lcs (1.1.3)
    faker (1.1.2)
      i18n (~> 0.5)
    faraday (0.9.0)
      multipart-post (>= 1.2, < 3)
    i18n (0.6.1)
    json (1.8.1)
    launchy (2.4.2)
      addressable (~> 2.3)
    multi_json (1.6.1)
    multipart-post (2.0.0)
    rack (1.6.0.beta)
    rspec (2.12.0)
      rspec-core (~> 2.12.0)
      rspec-expectations (~> 2.12.0)
      rspec-mocks (~> 2.12.0)
    rspec-core (2.12.0)
    rspec-expectations (2.12.0)
      diff-lcs (~> 1.1.3)
    rspec-mocks (2.12.0)
    sqlite3 (1.3.7)
    tzinfo (0.3.35)
    yummly (0.0.13)
      faraday (>= 0.8.7)
      json (~> 1.8.0)
      rack (>= 1.4.5)

PLATFORMS
  ruby

DEPENDENCIES
  activerecord
  faker
  launchy
  rspec
  sqlite3
  yummly
